PATH
  remote: .
  specs:
    sprite (0.3.0)

GEM
  remote: https://rubygems.org/
  specs:
    byebug (1.6.1)
      columnize (~> 0.3.6)
      debugger-linecache (~> 1.2.0)
    columnize (0.3.6)
    debugger-linecache (1.2.0)
    diff-lcs (1.2.5)
    rake (0.9.2)
    rmagick (2.15.4)
    rspec (2.14.1)
      rspec-core (~> 2.14.0)
      rspec-expectations (~> 2.14.0)
      rspec-mocks (~> 2.14.0)
    rspec-core (2.14.8)
    rspec-expectations (2.14.5)
      diff-lcs (>= 1.1.3, < 2.0)
    rspec-mocks (2.14.6)

PLATFORMS
  ruby

DEPENDENCIES
  byebug
  rake (= 0.9.2)
  rmagick (>= 2.15)
  rspec (= 2.14.1)
  sprite!

BUNDLED WITH
   1.11.2
